GEM
  remote: https://rubygems.org/
  specs:
    activesupport (7.0.4.3)
      concurrent-ruby (~> 1.0, >= 1.0.2)
      i18n (>= 1.6, < 2)
      minitest (>= 5.1)
      tzinfo (~> 2.0)
    addressable (2.8.1)
      public_suffix (>= 2.0.2, < 6.0)
    ast (2.4.2)
    commander (4.6.0)
      highline (~> 2.0.0)
    concurrent-ruby (1.2.2)
    diff-lcs (1.5.0)
    domain_name (0.5.20190701)
      unf (>= 0.0.5, < 1.0.0)
    ffi (1.15.5)
    ffi-compiler (1.0.1)
      ffi (>= 1.0.0)
      rake
    highline (2.0.3)
    http (5.1.1)
      addressable (~> 2.8)
      http-cookie (~> 1.0)
      http-form_data (~> 2.2)
      llhttp-ffi (~> 0.4.0)
    http-cookie (1.0.5)
      domain_name (~> 0.5)
    http-form_data (2.3.0)
    i18n (1.12.0)
      concurrent-ruby (~> 1.0)
    json (2.6.3)
    json-schema (4.0.0)
      addressable (>= 2.8)
    jsonpath (1.1.2)
      multi_json
    kiba (4.0.0)
    llhttp-ffi (0.4.0)
      ffi-compiler (~> 1.0)
      rake (~> 13.0)
    method_source (1.0.0)
    minitest (5.18.0)
    multi_json (1.15.0)
    netrc (0.11.0)
    nokogiri (1.14.0-x86_64-linux)
      racc (~> 1.4)
    parallel (1.22.1)
    parlour (8.1.0)
      commander (~> 4.5)
      parser
      rainbow (~> 3.0)
      sorbet-runtime (>= 0.5)
    parser (3.2.1.1)
      ast (~> 2.4.1)
    polyfill (1.9.0)
    power_assert (2.0.3)
    psych (5.1.0)
      stringio
    public_suffix (5.0.1)
    racc (1.6.2)
    rack (3.0.6.1)
    rainbow (3.1.1)
    rake (13.0.6)
    rbi (0.0.16)
      ast
      parser (>= 2.6.4.0)
      sorbet-runtime (>= 0.5.9204)
      unparser
    regexp_parser (2.6.1)
    rexml (3.2.5)
    rubocop (1.43.0)
      json (~> 2.3)
      parallel (~> 1.10)
      parser (>= 3.2.0.0)
      rainbow (>= 2.2.2, < 4.0)
      regexp_parser (>= 1.8, < 3.0)
      rexml (>= 3.2.5, < 4.0)
      rubocop-ast (>= 1.24.1, < 2.0)
      ruby-progressbar (~> 1.7)
      unicode-display_width (>= 2.4.0, < 3.0)
    rubocop-ast (1.24.1)
      parser (>= 3.1.1.0)
    rubocop-rails (2.18.0)
      activesupport (>= 4.2.0)
      rack (>= 1.1)
      rubocop (>= 1.33.0, < 2.0)
    rubocop-rake (0.6.0)
      rubocop (~> 1.0)
    ruby-progressbar (1.11.0)
    safe_type (1.1.1)
    sorbet (0.5.10712)
      sorbet-static (= 0.5.10712)
    sorbet-coerce (0.7.0)
      polyfill (~> 1.8)
      safe_type (~> 1.1, >= 1.1.1)
      sorbet-runtime (>= 0.4.4704)
    sorbet-rails (0.7.34)
      method_source (>= 0.9.2)
      parlour (>= 4.0.1)
      parser (>= 2.7)
      sorbet-coerce (>= 0.2.6)
      sorbet-runtime (>= 0.5.9892)
    sorbet-runtime (0.5.10712)
    sorbet-static (0.5.10712-x86_64-linux)
    sorbet-static-and-runtime (0.5.10712)
      sorbet (= 0.5.10712)
      sorbet-runtime (= 0.5.10712)
    spoom (1.1.16)
      sorbet (>= 0.5.10187)
      sorbet-runtime (>= 0.5.9204)
      thor (>= 0.19.2)
    stringio (3.0.5)
    tapioca (0.11.2)
      bundler (>= 1.17.3)
      netrc (>= 0.11.0)
      parallel (>= 1.21.0)
      rbi (~> 0.0.0, >= 0.0.16)
      sorbet-static-and-runtime (>= 0.5.10187)
      spoom (~> 1.1.0, >= 1.1.11)
      thor (>= 1.2.0)
      yard-sorbet
    test-unit (3.5.7)
      power_assert
    thor (1.2.1)
    tzinfo (2.0.6)
      concurrent-ruby (~> 1.0)
    unf (0.1.4)
      unf_ext
    unf_ext (0.0.8.2)
    unicode-display_width (2.4.2)
    unparser (0.6.7)
      diff-lcs (~> 1.3)
      parser (>= 3.2.0)
    webrick (1.7.0)
    yaml (0.2.1)
    yard (0.9.28)
      webrick (~> 1.7.0)
    yard-sorbet (0.8.0)
      sorbet-runtime (>= 0.5)
      yard (>= 0.9)

PLATFORMS
  x86_64-linux

DEPENDENCIES
  activesupport
  http
  json
  json-schema
  jsonpath
  kiba
  nokogiri
  psych
  racc
  rake
  rbi
  rubocop
  rubocop-rails
  rubocop-rake
  sorbet
  sorbet-rails
  sorbet-runtime
  tapioca
  test-unit
  yaml
  yard

RUBY VERSION
   ruby 3.0.5p211

BUNDLED WITH
   2.4.1
